PATH
  remote: .
  specs:
    ruby-caldav (0.0.0.3)
      builder (~> 3.x)
      icalendar (~> 2.x)
      net-http-digest_auth (~> 1.x)
      uuid (~> 2.x)

GEM
  remote: https://rubygems.org/
  specs:
    builder (3.2.4)
    diff-lcs (1.4.4)
    fakeweb (1.3.0)
    icalendar (2.7.0)
      ice_cube (~> 0.16)
    ice_cube (0.16.3)
    macaddr (1.7.2)
      systemu (~> 2.6.5)
    net-http-digest_auth (1.4.1)
    rspec (2.99.0)
      rspec-core (~> 2.99.0)
      rspec-expectations (~> 2.99.0)
      rspec-mocks (~> 2.99.0)
    rspec-core (2.99.2)
    rspec-expectations (2.99.2)
      diff-lcs (>= 1.1.3, < 2.0)
    rspec-mocks (2.99.4)
    systemu (2.6.5)
    uuid (2.3.9)
      macaddr (~> 1.0)

PLATFORMS
  ruby

DEPENDENCIES
  fakeweb (~> 1.x)
  rspec (~> 2.x)
  ruby-caldav!

BUNDLED WITH
   2.1.4
